GEM
  remote: https://rubygems.org/
  specs:
    rack (2.0.5)
    roda (3.8.0)
      rack
    tilt (2.0.8)

PLATFORMS
  ruby

DEPENDENCIES
  roda
  tilt

BUNDLED WITH
   1.16.1
