GEM
  remote: https://rubygems.org/
  specs:
    rack (2.0.6)
    roda (3.14.1)
      rack
    tilt (2.0.9)

PLATFORMS
  ruby

DEPENDENCIES
  roda
  tilt

BUNDLED WITH
   1.16.2
